GEM
  remote: https://rubygems.org/
  specs:
    diff-lcs (1.2.4)
    facter (1.6.18)
    hiera (1.0.0)
    json (1.8.0)
    librarian-puppet (0.9.10)
      json
      thor (~> 0.15)
    metaclass (0.0.1)
    mocha (0.14.0)
      metaclass (~> 0.0.1)
    puppet (3.0.2)
      facter (~> 1.6.11)
      hiera (~> 1.0.0)
    puppet-lint (0.3.2)
    puppetlabs_spec_helper (0.4.1)
      mocha (>= 0.10.5)
      rake
      rspec (>= 2.9.0)
      rspec-puppet (>= 0.1.1)
    rake (10.1.0)
    rspec (2.14.1)
      rspec-core (~> 2.14.0)
      rspec-expectations (~> 2.14.0)
      rspec-mocks (~> 2.14.0)
    rspec-core (2.14.3)
    rspec-expectations (2.14.0)
      diff-lcs (>= 1.1.3, < 2.0)
    rspec-mocks (2.14.1)
    rspec-puppet (0.1.6)
      rspec
    thor (0.18.1)

PLATFORMS
  ruby

DEPENDENCIES
  librarian-puppet (>= 0.9.10)
  puppet (~> 3.0.1)
  puppet-lint (>= 0.1.12)
  puppetlabs_spec_helper
  rake (>= 0.9.2.2)
  rspec-puppet (>= 0.1.3)
